GEM
  remote: https://rubygems.org/
  specs:
    colorize (0.8.1)

PLATFORMS
  ruby
  s390x-linux

DEPENDENCIES
  colorize

BUNDLED WITH
   1.17.2
